PATH
  remote: .
  specs:
    docker-tasks (0.1.0)
      activesupport (> 4.0)
      bundler-audit (> 0)
      dotenv (> 0)
      foreman (> 0)
      inspec (~> 0.32.0)
      nokogiri (> 0)
      pry (> 0)
      rake (~> 10.0)
      rspec (~> 3)
      rspec-its (~> 1.2)
      rubocop (> 0)

GEM
  remote: https://rubygems.org/
  specs:
    activesupport (5.0.0.1)
      concurrent-ruby (~> 1.0, >= 1.0.2)
      i18n (~> 0.7)
      minitest (~> 5.1)
      tzinfo (~> 1.1)
    ast (2.3.0)
    builder (3.2.2)
    bundler-audit (0.5.0)
      bundler (~> 1.2)
      thor (~> 0.18)
    coderay (1.1.1)
    concurrent-ruby (1.0.2)
    diff-lcs (1.2.5)
    docker-api (1.31.0)
      excon (>= 0.38.0)
      json
    dotenv (2.1.1)
    erubis (2.7.0)
    excon (0.52.0)
    ffi (1.9.14)
    foreman (0.82.0)
      thor (~> 0.19.1)
    gssapi (1.2.0)
      ffi (>= 1.0.1)
    gyoku (1.3.1)
      builder (>= 2.1.2)
    hashie (3.4.4)
    httpclient (2.8.2.3)
    i18n (0.7.0)
    inspec (0.32.0)
      hashie (~> 3.4)
      json (>= 1.8, < 3.0)
      method_source (~> 0.8)
      mixlib-log
      pry (~> 0)
      rainbow (~> 2)
      rspec (~> 3)
      rspec-its (~> 1.2)
      rubyzip (~> 1.1)
      sslshake (~> 1)
      thor (~> 0.19)
      train (>= 0.16.0, < 1.0)
    json (2.0.2)
    little-plugger (1.1.4)
    logging (2.1.0)
      little-plugger (~> 1.1)
      multi_json (~> 1.10)
    method_source (0.8.2)
    mini_portile2 (2.1.0)
    minitest (5.9.0)
    mixlib-log (1.7.1)
    mixlib-shellout (2.2.7)
    multi_json (1.12.1)
    net-scp (1.2.1)
      net-ssh (>= 2.6.5)
    net-ssh (3.2.0)
    nokogiri (1.6.8)
      mini_portile2 (~> 2.1.0)
      pkg-config (~> 1.1.7)
    nori (2.6.0)
    parser (2.3.1.2)
      ast (~> 2.2)
    pkg-config (1.1.7)
    powerpack (0.1.1)
    pry (0.10.4)
      coderay (~> 1.1.0)
      method_source (~> 0.8.1)
      slop (~> 3.4)
    rainbow (2.1.0)
    rake (10.5.0)
    rspec (3.5.0)
      rspec-core (~> 3.5.0)
      rspec-expectations (~> 3.5.0)
      rspec-mocks (~> 3.5.0)
    rspec-core (3.5.2)
      rspec-support (~> 3.5.0)
    rspec-expectations (3.5.0)
      diff-lcs (>= 1.2.0, < 2.0)
      rspec-support (~> 3.5.0)
    rspec-its (1.2.0)
      rspec-core (>= 3.0.0)
      rspec-expectations (>= 3.0.0)
    rspec-mocks (3.5.0)
      diff-lcs (>= 1.2.0, < 2.0)
      rspec-support (~> 3.5.0)
    rspec-support (3.5.0)
    rubocop (0.42.0)
      parser (>= 2.3.1.1, < 3.0)
      powerpack (~> 0.1)
      rainbow (>= 1.99.1, < 3.0)
      ruby-progressbar (~> 1.7)
      unicode-display_width (~> 1.0, >= 1.0.1)
    ruby-progressbar (1.8.1)
    rubyntlm (0.6.0)
    rubyzip (1.2.0)
    slop (3.6.0)
    sslshake (1.0.12)
    thor (0.19.1)
    thread_safe (0.3.5)
    train (0.18.0)
      docker-api (~> 1.26)
      json (>= 1.8, < 3.0)
      mixlib-shellout (~> 2.0)
      net-scp (~> 1.2)
      net-ssh (>= 2.9, < 4.0)
      winrm (~> 1.6)
      winrm-fs (~> 0.3)
    tzinfo (1.2.2)
      thread_safe (~> 0.1)
    unicode-display_width (1.1.0)
    winrm (1.8.1)
      builder (>= 2.1.2)
      gssapi (~> 1.2)
      gyoku (~> 1.0)
      httpclient (~> 2.2, >= 2.2.0.2)
      logging (>= 1.6.1, < 3.0)
      nori (~> 2.0)
      rubyntlm (~> 0.6.0)
    winrm-fs (0.4.3)
      erubis (~> 2.7)
      logging (>= 1.6.1, < 3.0)
      rubyzip (~> 1.1)
      winrm (~> 1.5)

PLATFORMS
  ruby

DEPENDENCIES
  bundler (~> 1.7)
  docker-tasks!

RUBY VERSION
   ruby 2.3.1p112

BUNDLED WITH
   1.12.5
